PATH
  remote: .
  specs:
    convert2ascii (0.2.1)
      parallel (~> 1.26)
      rainbow (~> 3.1.1)
      rmagick (~> 6.0.1)

GEM
  remote: https://rubygems.org/
  specs:
    minitest (5.25.4)
    observer (0.1.2)
    parallel (1.26.3)
    pkg-config (1.5.9)
    rainbow (3.1.1)
    rmagick (6.0.1)
      observer (~> 0.1)
      pkg-config (~> 1.4)

PLATFORMS
  arm64-darwin-24
  ruby

DEPENDENCIES
  convert2ascii!
  minitest (~> 5.25)

BUNDLED WITH
   2.6.2
