PATH
  remote: .
  specs:
    convert2ascii (0.1.0)

GEM
  remote: https://rubygems.org/
  specs:
    async (2.21.1)
      console (~> 1.29)
      fiber-annotation
      io-event (~> 1.6, >= 1.6.5)
    console (1.29.2)
      fiber-annotation
      fiber-local (~> 1.1)
      json
    fiber-annotation (0.2.0)
    fiber-local (1.1.0)
      fiber-storage
    fiber-storage (1.0.0)
    io-event (1.7.5)
    json (2.9.1)
    minitest (5.25.4)
    observer (0.1.2)
    pkg-config (1.5.9)
    rainbow (3.1.1)
    rake (13.2.1)
    rmagick (6.0.1)
      observer (~> 0.1)
      pkg-config (~> 1.4)

PLATFORMS
  arm64-darwin-24
  ruby

DEPENDENCIES
  async (~> 2.21)
  convert2ascii!
  minitest (~> 5.25)
  rainbow (~> 3.1.1)
  rake (~> 13.2)
  rmagick (~> 6.0.1)

BUNDLED WITH
   2.6.2
